GEM
  remote: https://rubygems.org/
  specs:
    activesupport (4.2.2)
      i18n (~> 0.7)
      json (~> 1.7, >= 1.7.7)
      minitest (~> 5.1)
      thread_safe (~> 0.3, >= 0.3.4)
      tzinfo (~> 1.1)
    aws-sdk (1.64.0)
      aws-sdk-v1 (= 1.64.0)
    aws-sdk-v1 (1.64.0)
      json (~> 1.4)
      nokogiri (>= 1.4.4)
    coderay (1.1.0)
    docile (1.1.5)
    domain_name (0.5.24)
      unf (>= 0.0.5, < 1.0.0)
    erubis (2.7.0)
    faraday (0.9.1)
      multipart-post (>= 1.2, < 3)
    faraday_middleware (0.9.1)
      faraday (>= 0.7.4, < 0.10)
    ffi (1.9.3-java)
    gli (2.13.1)
    gooddata (0.6.18)
      activesupport (~> 4.1, >= 4.1.0)
      aws-sdk (~> 1.45)
      bundler (~> 1.7, >= 1.7.3)
      docile (~> 1.1, >= 1.1.5)
      erubis (~> 2.7, >= 2.7.0)
      gli (~> 2.12, >= 2.12.2)
      highline (~> 1.6, >= 1.6.21)
      i18n (~> 0.6, >= 0.6.9)
      json_pure (~> 1.8, >= 1.8.1)
      multi_json (~> 1.10, >= 1.10.0)
      parseconfig (~> 1.0, >= 1.0.4)
      pmap (~> 1.0, >= 1.0.1)
      pry (~> 0.9.12.6)
      rest-client (~> 1.7, >= 1.7.2)
      restforce (~> 1.5, >= 1.5.0)
      rubyzip (~> 1.1, >= 1.1.0)
      salesforce_bulk_query (~> 0.0)
      terminal-table (~> 1.4, >= 1.4.5)
    gooddata-dss-jdbc (0.1.6)
    gooddata_datawarehouse (0.0.7)
      gooddata-dss-jdbc (~> 0.1)
      pmap (~> 1.0)
      sequel (~> 4.17)
    hashie (3.4.2)
    highline (1.7.2)
    http-cookie (1.0.2)
      domain_name (~> 0.5)
    i18n (0.7.0)
    json (1.8.3-java)
    json_pure (1.8.2)
    method_source (0.8.2)
    mime-types (2.6.1)
    minitest (5.7.0)
    multi_json (1.11.1)
    multipart-post (2.0.0)
    netrc (0.10.3)
    nokogiri (1.6.6.2-java)
    parseconfig (1.0.6)
    pmap (1.0.2)
    pry (0.9.12.6-java)
      coderay (~> 1.0)
      method_source (~> 0.8)
      slop (~> 3.4)
      spoon (~> 0.0)
    rest-client (1.8.0)
      http-cookie (>= 1.0.2, < 2.0)
      mime-types (>= 1.16, < 3.0)
      netrc (~> 0.7)
    restforce (1.5.2)
      faraday (~> 0.9.0)
      faraday_middleware (>= 0.8.8)
      hashie (>= 1.2.0, < 4.0)
      json (>= 1.7.5, < 1.9.0)
    rubyzip (1.1.7)
    salesforce_bulk_query (0.2.0)
      json (~> 1.8)
      xml-simple (~> 1.1)
    sequel (4.21.0)
    slop (3.6.0)
    spoon (0.0.4)
      ffi
    terminal-table (1.4.5)
    thread_safe (0.3.5-java)
    tzinfo (1.2.2)
      thread_safe (~> 0.1)
    unf (0.1.4-java)
    xml-simple (1.1.5)

PLATFORMS
  java

DEPENDENCIES
  ffi (= 1.9.3)
  gooddata (= 0.6.18)
  gooddata_datawarehouse
